GEM
  remote: https://rubygems.org/
  specs:
    actioncable (5.0.4)
      actionpack (= 5.0.4)
      nio4r (>= 1.2, < 3.0)
      websocket-driver (~> 0.6.1)
    actionmailer (5.0.4)
      actionpack (= 5.0.4)
      actionview (= 5.0.4)
      activejob (= 5.0.4)
      mail (~> 2.5, >= 2.5.4)
      rails-dom-testing (~> 2.0)
    actionpack (5.0.4)
      actionview (= 5.0.4)
      activesupport (= 5.0.4)
      rack (~> 2.0)
      rack-test (~> 0.6.3)
      rails-dom-testing (~> 2.0)
      rails-html-sanitizer (~> 1.0, >= 1.0.2)
    actionview (5.0.4)
      activesupport (= 5.0.4)
      builder (~> 3.1)
      erubis (~> 2.7.0)
      rails-dom-testing (~> 2.0)
      rails-html-sanitizer (~> 1.0, >= 1.0.3)
    active_model_serializers (0.8.3)
      activemodel (>= 3.0)
    activejob (5.0.4)
      activesupport (= 5.0.4)
      globalid (>= 0.3.6)
    activemodel (5.0.4)
      activesupport (= 5.0.4)
    activerecord (5.0.4)
      activemodel (= 5.0.4)
      activesupport (= 5.0.4)
      arel (~> 7.0)
    activesupport (5.0.4)
      concurrent-ruby (~> 1.0, >= 1.0.2)
      i18n (~> 0.7)
      minitest (~> 5.1)
      tzinfo (~> 1.1)
    addressable (2.5.1)
      public_suffix (~> 2.0, >= 2.0.2)
    annotate (2.7.2)
      activerecord (>= 3.2, < 6.0)
      rake (>= 10.4, < 13.0)
    arel (7.1.4)
    ast (2.3.0)
    axiom-types (0.1.1)
      descendants_tracker (~> 0.0.4)
      ice_nine (~> 0.11.0)
      thread_safe (~> 0.3, >= 0.3.1)
    axlsx (2.1.0.pre)
      htmlentities (~> 4.3.1)
      nokogiri (>= 1.4.1)
      rubyzip (~> 1.0.0)
    axlsx_rails (0.5.1)
      actionpack (>= 3.1)
      axlsx (>= 2.1.0.pre)
    babosa (1.0.2)
    bcrypt (3.1.11)
    better_errors (2.1.1)
      coderay (>= 1.0.0)
      erubis (>= 2.6.6)
      rack (>= 0.9.0)
    binding_of_caller (0.7.2)
      debug_inspector (>= 0.0.1)
    builder (3.2.3)
    bullet (5.5.1)
      activesupport (>= 3.0.0)
      uniform_notifier (~> 1.10.0)
    byebug (9.0.6)
    capybara (2.14.2)
      addressable
      mime-types (>= 1.16)
      nokogiri (>= 1.3.3)
      rack (>= 1.0.0)
      rack-test (>= 0.5.4)
      xpath (~> 2.0)
    carrierwave (1.1.0)
      activemodel (>= 4.0.0)
      activesupport (>= 4.0.0)
      mime-types (>= 1.16)
    coderay (1.1.1)
    coercible (1.0.0)
      descendants_tracker (~> 0.0.1)
    colored (1.2)
    concurrent-ruby (1.0.5)
    config (1.4.0)
      activesupport (>= 3.0)
      deep_merge (~> 1.1.1)
    cucumber (2.4.0)
      builder (>= 2.1.2)
      cucumber-core (~> 1.5.0)
      cucumber-wire (~> 0.0.1)
      diff-lcs (>= 1.1.3)
      gherkin (~> 4.0)
      multi_json (>= 1.7.5, < 2.0)
      multi_test (>= 0.1.2)
    cucumber-core (1.5.0)
      gherkin (~> 4.0)
    cucumber-wire (0.0.1)
    daemons (1.2.4)
    database_cleaner (1.6.1)
    debug_inspector (0.0.3)
    declarative (0.0.9)
    declarative-option (0.1.0)
    deep_merge (1.1.1)
    delayed_job (4.1.3)
      activesupport (>= 3.0, < 5.2)
    delayed_job_active_record (4.1.2)
      activerecord (>= 3.0, < 5.2)
      delayed_job (>= 3.0, < 5)
    descendants_tracker (0.0.4)
      thread_safe (~> 0.3, >= 0.3.1)
    diff-lcs (1.3)
    docile (1.1.5)
    domain_name (0.5.20170404)
      unf (>= 0.0.5, < 1.0.0)
    dotenv (2.2.1)
    dotenv-rails (2.2.1)
      dotenv (= 2.2.1)
      railties (>= 3.2, < 5.2)
    equalizer (0.0.11)
    erubis (2.7.0)
    factory_girl (4.8.0)
      activesupport (>= 3.0.0)
    factory_girl_rails (4.8.0)
      factory_girl (~> 4.8.0)
      railties (>= 3.0.0)
    faker (1.8.4)
      i18n (~> 0.5)
    faraday (0.9.2)
      multipart-post (>= 1.2, < 3)
    faraday_middleware (0.9.2)
      faraday (>= 0.7.4, < 0.10)
    ffi (1.9.18)
    formatador (0.2.5)
    friendly_id (5.2.1)
      activerecord (>= 4.0.0)
    gherkin (4.1.3)
    globalid (0.4.0)
      activesupport (>= 4.2.0)
    google-api-client (0.12.0)
      addressable (~> 2.5, >= 2.5.1)
      googleauth (~> 0.5)
      httpclient (>= 2.8.1, < 3.0)
      mime-types (~> 3.0)
      representable (~> 3.0)
      retriable (>= 2.0, < 4.0)
    googleauth (0.5.1)
      faraday (~> 0.9)
      jwt (~> 1.4)
      logging (~> 2.0)
      memoist (~> 0.12)
      multi_json (~> 1.11)
      os (~> 0.9)
      signet (~> 0.7)
    guard (2.14.1)
      formatador (>= 0.2.4)
      listen (>= 2.7, < 4.0)
      lumberjack (~> 1.0)
      nenv (~> 0.1)
      notiffany (~> 0.0)
      pry (>= 0.9.12)
      shellany (~> 0.0)
      thor (>= 0.18.1)
    guard-compat (1.2.1)
    guard-rspec (4.7.3)
      guard (~> 2.1)
      guard-compat (~> 1.1)
      rspec (>= 2.99.0, < 4.0)
    hashie (3.5.5)
    htmlentities (4.3.4)
    http-cookie (1.0.3)
      domain_name (~> 0.5)
    httpclient (2.8.3)
    i18n (0.8.6)
    ice_nine (0.11.2)
    instagram (1.1.6)
      faraday (>= 0.7, < 0.10)
      faraday_middleware (>= 0.8, < 0.10)
      hashie (>= 0.4.0)
      multi_json (~> 1.0, >= 1.0.3)
    jbuilder (2.7.0)
      activesupport (>= 4.2.0)
      multi_json (>= 1.2)
    json (2.1.0)
    jwt (1.5.6)
    kaminari (1.0.1)
      activesupport (>= 4.1.0)
      kaminari-actionview (= 1.0.1)
      kaminari-activerecord (= 1.0.1)
      kaminari-core (= 1.0.1)
    kaminari-actionview (1.0.1)
      actionview
      kaminari-core (= 1.0.1)
    kaminari-activerecord (1.0.1)
      activerecord
      kaminari-core (= 1.0.1)
    kaminari-core (1.0.1)
    koala (3.0.0)
      addressable
      faraday
      json (>= 1.8)
    listen (3.1.5)
      rb-fsevent (~> 0.9, >= 0.9.4)
      rb-inotify (~> 0.9, >= 0.9.7)
      ruby_dep (~> 1.2)
    little-plugger (1.1.4)
    logging (2.2.2)
      little-plugger (~> 1.1)
      multi_json (~> 1.10)
    lograge (0.5.1)
      actionpack (>= 4, < 5.2)
      activesupport (>= 4, < 5.2)
      railties (>= 4, < 5.2)
    loofah (2.0.3)
      nokogiri (>= 1.5.9)
    lumberjack (1.0.12)
    mail (2.6.6)
      mime-types (>= 1.16, < 4)
    memoist (0.15.0)
    metaclass (0.0.4)
    method_source (0.8.2)
    mime-types (3.1)
      mime-types-data (~> 3.2015)
    mime-types-data (3.2016.0521)
    mini_magick (4.7.0)
    mini_portile2 (2.2.0)
    minitest (5.10.3)
    mocha (1.2.1)
      metaclass (~> 0.0.1)
    mtik (4.0.3)
    multi_json (1.12.1)
    multi_test (0.1.2)
    multi_xml (0.6.0)
    multipart-post (2.0.0)
    nenv (0.3.0)
    net-ssh (4.1.0)
    netrc (0.11.0)
    nio4r (2.1.0)
    nokogiri (1.8.0)
      mini_portile2 (~> 2.2.0)
    notiffany (0.1.1)
      nenv (~> 0.1)
      shellany (~> 0.0)
    oauth (0.5.3)
    oauth2 (1.4.0)
      faraday (>= 0.8, < 0.13)
      jwt (~> 1.0)
      multi_json (~> 1.3)
      multi_xml (~> 0.5)
      rack (>= 1.2, < 3)
    omniauth (1.6.1)
      hashie (>= 3.4.6, < 3.6.0)
      rack (>= 1.6.2, < 3)
    omniauth-instagram (1.1.0)
      omniauth (~> 1)
      omniauth-oauth2 (~> 1)
    omniauth-oauth2 (1.4.0)
      oauth2 (~> 1.0)
      omniauth (~> 1.2)
    os (0.9.6)
    parallel (1.12.0)
    parser (2.4.0.0)
      ast (~> 2.2)
    pg (0.21.0)
    powerpack (0.1.1)
    pry (0.10.4)
      coderay (~> 1.1.0)
      method_source (~> 0.8.1)
      slop (~> 3.4)
    pry-rails (0.3.6)
      pry (>= 0.10.4)
    public_suffix (2.0.5)
    puma (3.9.1)
    pundit (1.1.0)
      activesupport (>= 3.0.0)
    pundit-matchers (1.3.1)
      pundit (~> 1.1, >= 1.1.0)
      rspec-rails (>= 3.0.0)
    rack (2.0.3)
    rack-attack (5.0.1)
      rack
    rack-cors (0.4.1)
    rack-test (0.6.3)
      rack (>= 1.0)
    rails (5.0.4)
      actioncable (= 5.0.4)
      actionmailer (= 5.0.4)
      actionpack (= 5.0.4)
      actionview (= 5.0.4)
      activejob (= 5.0.4)
      activemodel (= 5.0.4)
      activerecord (= 5.0.4)
      activesupport (= 5.0.4)
      bundler (>= 1.3.0, < 2.0)
      railties (= 5.0.4)
      sprockets-rails (>= 2.0.0)
    rails-dom-testing (2.0.3)
      activesupport (>= 4.2.0)
      nokogiri (>= 1.6)
    rails-html-sanitizer (1.0.3)
      loofah (~> 2.0)
    rails-i18n (5.0.4)
      i18n (~> 0.7)
      railties (~> 5.0)
    rails_config (0.99.0)
      config (>= 1.0.0.beta1)
    railties (5.0.4)
      actionpack (= 5.0.4)
      activesupport (= 5.0.4)
      method_source
      rake (>= 0.8.7)
      thor (>= 0.18.1, < 2.0)
    rainbow (2.2.2)
      rake
    rake (12.0.0)
    rb-fsevent (0.9.8)
    rb-inotify (0.9.8)
      ffi (>= 0.5.0)
    redis (3.3.3)
    representable (3.0.4)
      declarative (< 0.1.0)
      declarative-option (< 0.2.0)
      uber (< 0.2.0)
    responders (2.4.0)
      actionpack (>= 4.2.0, < 5.3)
      railties (>= 4.2.0, < 5.3)
    rest-client (2.0.2)
      http-cookie (>= 1.0.2, < 2.0)
      mime-types (>= 1.16, < 4.0)
      netrc (~> 0.8)
    retriable (3.0.2)
    rmagick (2.16.0)
    rspec (3.6.0)
      rspec-core (~> 3.6.0)
      rspec-expectations (~> 3.6.0)
      rspec-mocks (~> 3.6.0)
    rspec-core (3.6.0)
      rspec-support (~> 3.6.0)
    rspec-expectations (3.6.0)
      diff-lcs (>= 1.2.0, < 2.0)
      rspec-support (~> 3.6.0)
    rspec-mocks (3.6.0)
      diff-lcs (>= 1.2.0, < 2.0)
      rspec-support (~> 3.6.0)
    rspec-rails (3.6.0)
      actionpack (>= 3.0)
      activesupport (>= 3.0)
      railties (>= 3.0)
      rspec-core (~> 3.6.0)
      rspec-expectations (~> 3.6.0)
      rspec-mocks (~> 3.6.0)
      rspec-support (~> 3.6.0)
    rspec-support (3.6.0)
    rubocop (0.49.1)
      parallel (~> 1.10)
      parser (>= 2.3.3.1, < 3.0)
      powerpack (~> 0.1)
      rainbow (>= 1.99.1, < 3.0)
      ruby-progressbar (~> 1.7)
      unicode-display_width (~> 1.0, >= 1.0.1)
    rubocop-rspec (1.15.1)
      rubocop (>= 0.42.0)
    ruby-progressbar (1.8.1)
    ruby_dep (1.5.0)
    rubyzip (1.1.7)
    russian (0.6.0)
      i18n (>= 0.5.0)
    seed_dump (3.2.4)
      activerecord (>= 4)
      activesupport (>= 4)
    shellany (0.0.1)
    shog (0.1.9)
      colored (~> 1.2)
      rails (>= 4)
    shoulda-matchers (3.1.1)
      activesupport (>= 4.0.0)
    signet (0.7.3)
      addressable (~> 2.3)
      faraday (~> 0.9)
      jwt (~> 1.5)
      multi_json (~> 1.10)
    simple_enum (2.3.0)
      activesupport (>= 4.0.0)
    simplecov (0.14.1)
      docile (~> 1.1.0)
      json (>= 1.8, < 3)
      simplecov-html (~> 0.10.0)
    simplecov-html (0.10.1)
    skylight (1.3.1)
      activesupport (>= 3.0.0)
    slop (3.6.0)
    sprockets (3.7.1)
      concurrent-ruby (~> 1.0)
      rack (> 1, < 3)
    sprockets-rails (3.2.0)
      actionpack (>= 4.0)
      activesupport (>= 4.0)
      sprockets (>= 3.0.0)
    sqlite3 (1.3.13)
    telegram-bot-ruby (0.8.1)
      faraday
      virtus
    thor (0.19.4)
    thread_safe (0.3.6)
    twitter_oauth (0.4.94)
      json (>= 1.8.0)
      mime-types (>= 1.16)
      oauth (>= 0.4.7)
    tzinfo (1.2.3)
      thread_safe (~> 0.1)
    uber (0.1.0)
    unf (0.1.4)
      unf_ext
    unf_ext (0.0.7.4)
    unicode-display_width (1.3.0)
    uniform_notifier (1.10.0)
    virtus (1.0.5)
      axiom-types (~> 0.1)
      coercible (~> 1.0)
      descendants_tracker (~> 0.0, >= 0.0.3)
      equalizer (~> 0.0, >= 0.0.9)
    websocket-driver (0.6.5)
      websocket-extensions (>= 0.1.0)
    websocket-extensions (0.1.2)
    xpath (2.1.0)
      nokogiri (~> 1.3)
    zip-zip (0.3)
      rubyzip (>= 1.0.0)

PLATFORMS
  ruby

DEPENDENCIES
  active_model_serializers (~> 0.8.3)
  annotate
  axlsx
  axlsx_rails
  babosa
  bcrypt
  better_errors
  binding_of_caller
  bullet
  byebug
  capybara
  carrierwave
  colored
  cucumber
  daemons
  database_cleaner
  delayed_job
  delayed_job_active_record
  dotenv-rails
  factory_girl
  factory_girl_rails
  faker
  friendly_id
  google-api-client
  googleauth
  guard-rspec
  instagram
  jbuilder (~> 2.5)
  jwt
  kaminari
  koala
  lograge
  mini_magick
  mocha
  mtik
  net-ssh
  omniauth-instagram
  pg
  pry-rails
  puma
  pundit
  pundit-matchers (~> 1.3.1)
  rack-attack
  rack-cors
  rails (~> 5.0.0, >= 5.0.0.1)
  rails-i18n (~> 5.0.0)
  rails_config
  redis
  responders
  rest-client
  rmagick
  rspec
  rspec-rails (~> 3.5)
  rubocop-rspec
  rubyzip
  russian
  seed_dump
  shog
  shoulda-matchers
  simple_enum
  simplecov
  skylight
  sqlite3
  telegram-bot-ruby
  twitter_oauth
  tzinfo-data
  zip-zip

BUNDLED WITH
   1.15.3
